GEM
  remote: https://rubygems.org/
  specs:
    httparty (0.14.0)
      multi_xml (>= 0.5.2)
    multi_xml (0.5.5)
    rack (1.6.4)
    sinatra (1.1.0)
      rack (~> 1.1)
      tilt (~> 1.1)
    tilt (1.4.1)

PLATFORMS
  ruby

DEPENDENCIES
  httparty
  sinatra (= 1.1.0)

BUNDLED WITH
   1.12.5
