GEM
  remote: https://rubygems.org/
  specs:
    gon-sinatra (0.1.2)
      sinatra
    httparty (0.14.0)
      multi_xml (>= 0.5.2)
    multi_xml (0.5.5)
    rack (1.6.4)
    sinatra (1.1.0)
      rack (~> 1.1)
      tilt (~> 1.1)
    tilt (1.4.1)

PLATFORMS
  ruby

DEPENDENCIES
  gon-sinatra
  httparty
  sinatra (= 1.1.0)

BUNDLED WITH
   1.13.1
